RESTRICTION: || (== net40) (== net45) (== net46) (== net47)
NUGET
  remote: https://www.nuget.org/api/v2
    Caliburn.Micro (3.2)
      Caliburn.Micro.Core (3.2)
    Caliburn.Micro.Core (3.2)
    ControlzEx (3.0.2.4)
    Costura.Fody (2.0)
      Fody (>= 3.0) - restriction: || (&& (== net40) (>= net452)) (&& (== net45) (>= net452)) (== net46) (== net47)
    ExposedObject (1.2)
    Fody (3.0.3)
    gitlink (3.1)
    JetBrains.Annotations (11.1)
    MahApps.Metro.IconPacks (2.2)
      ControlzEx (>= 3.0.2.4 < 4.0)
    MaterialDesignColors (1.1.3)
    MaterialDesignThemes (2.4.0.1044)
      MaterialDesignColors (>= 1.1.2)
    Microsoft.Bcl (1.1.10)
      Microsoft.Bcl.Build (>= 1.0.14)
    Microsoft.Bcl.Async (1.0.168)
      Microsoft.Bcl (>= 1.1.8)
    Microsoft.Bcl.Build (1.0.21) - import_targets: false
    MSBuild.Sdk.Extras (1.3)
    NHotkey (1.2.1)
    NHotkey.Wpf (1.2.1)
      NHotkey (>= 1.2.1)
    WpfAnalyzers (2.1.2)
    xunit (1.9.2)
    xunit.extensions (1.9.2)
      xunit (1.9.2)

GROUP cake
RESTRICTION: == net45
NUGET
  remote: https://www.nuget.org/api/v2
    Cake (0.25)
    Cake.Figlet (1.1)
    Cake.Paket (2.0)
    Cake.Paket.Module (2.0)
    gitreleasemanager (0.7)
    GitVersion.CommandLine (4.0.0-beta0012)
    xunit.runner.console (2.3.1)
